GEM
  remote: http://rubygems.org/
  specs:
    RubyInline (3.7.0)
      hoe (>= 1.5.3)
    backports (2.3.0)
    daemons (1.1.9)
    eventmachine (0.12.10)
    hoe (2.12.4)
      rake (~> 0.8)
    image_science (1.2.1)
    json (1.6.1)
    rack (1.3.5)
    rack-protection (1.1.4)
      rack
    rack-test (0.6.1)
      rack (>= 1.0)
    rake (0.9.2.2)
    sinatra (1.3.1)
      rack (~> 1.3, >= 1.3.4)
      rack-protection (~> 1.1, >= 1.1.2)
      tilt (~> 1.3, >= 1.3.3)
    sinatra-contrib (1.3.1)
      backports (>= 2.0)
      eventmachine
      rack-protection
      rack-test
      sinatra (~> 1.3.0)
      tilt (~> 1.3)
    sinatra-xsendfile (0.3.0)
      sinatra (>= 0.9.1)
    thin (1.5.1)
      daemons (>= 1.0.9)
      eventmachine (>= 0.12.6)
      rack (>= 1.0.0)
    tilt (1.3.3)

PLATFORMS
  ruby

DEPENDENCIES
  RubyInline (= 3.7.0)
  image_science
  json
  sinatra
  sinatra-contrib
  sinatra-xsendfile
  thin
